GEM
  remote: https://rubygems.org/
  specs:
    coderay (1.1.2)
    method_source (0.9.0)
    mini_portile2 (2.3.0)
    nokogiri (1.8.1)
      mini_portile2 (~> 2.3.0)
    pry (0.11.3)
      coderay (~> 1.1.0)
      method_source (~> 0.9.0)
    rake (12.3.0)
    require_all (1.5.0)
    sqlite3 (1.3.13)

PLATFORMS
  ruby

DEPENDENCIES
  nokogiri
  pry
  rake
  require_all
  sqlite3

BUNDLED WITH
   1.16.0
